GEM
  remote: https://rubygems.org/
  specs:
    ffi (1.15.0)
    fontcustom (2.0.0)
      json (~> 1.4)
      listen (>= 1.0, < 4.0)
      thor (~> 0.14)
    json (1.8.6)
    listen (3.5.1)
      rb-fsevent (~> 0.10, >= 0.10.3)
      rb-inotify (~> 0.9, >= 0.9.10)
    rb-fsevent (0.10.4)
    rb-inotify (0.10.1)
      ffi (~> 1.0)
    thor (0.20.3)

PLATFORMS
  x86_64-darwin-18
  x86_64-linux

DEPENDENCIES
  bundler
  fontcustom

BUNDLED WITH
   2.2.16
